PATH
  remote: .
  specs:
    config_hub-client (0.1.0)
      activerecord (>= 4.2.0)
      faraday (>= 0.12.2)

GEM
  remote: https://rubygems.org/
  specs:
    activemodel (5.1.2)
      activesupport (= 5.1.2)
    activerecord (5.1.2)
      activemodel (= 5.1.2)
      activesupport (= 5.1.2)
      arel (~> 8.0)
    activesupport (5.1.2)
      concurrent-ruby (~> 1.0, >= 1.0.2)
      i18n (~> 0.7)
      minitest (~> 5.1)
      tzinfo (~> 1.1)
    arel (8.0.0)
    awesome_print (1.7.0)
    concurrent-ruby (1.0.5)
    diff-lcs (1.3)
    faraday (0.12.2)
      multipart-post (>= 1.2, < 3)
    i18n (0.8.6)
    minitest (5.10.3)
    multipart-post (2.0.0)
    rake (10.4.2)
    rspec (3.6.0)
      rspec-core (~> 3.6.0)
      rspec-expectations (~> 3.6.0)
      rspec-mocks (~> 3.6.0)
    rspec-core (3.6.0)
      rspec-support (~> 3.6.0)
    rspec-expectations (3.6.0)
      diff-lcs (>= 1.2.0, < 2.0)
      rspec-support (~> 3.6.0)
    rspec-mocks (3.6.0)
      diff-lcs (>= 1.2.0, < 2.0)
      rspec-support (~> 3.6.0)
    rspec-support (3.6.0)
    thread_safe (0.3.6)
    tzinfo (1.2.3)
      thread_safe (~> 0.1)

PLATFORMS
  ruby

DEPENDENCIES
  awesome_print
  bundler (~> 1.15)
  config_hub-client!
  rake (~> 10.0)
  rspec (~> 3.0)

BUNDLED WITH
   1.15.3
